GIT
  remote: git://github.com/hilli/geminabox.git
  revision: 3ae173084e2f073d7e9cae892eecb96b1da1008f
  specs:
    geminabox (0.12.5)
      builder
      faraday
      httpclient (>= 2.2.7)
      nesty
      sinatra (>= 1.2.7)

GEM
  remote: https://rubygems.org/
  specs:
    builder (3.2.2)
    dotenv (2.1.1)
    faraday (0.9.2)
      multipart-post (>= 1.2, < 3)
    httpclient (2.7.1)
    multipart-post (2.0.0)
    nesty (1.0.2)
    rack (1.6.4)
    rack-protection (1.5.3)
      rack
    sinatra (1.4.7)
      rack (~> 1.5)
      rack-protection (~> 1.4)
      tilt (>= 1.3, < 3)
    tilt (2.0.2)

PLATFORMS
  ruby

DEPENDENCIES
  dotenv
  geminabox!

BUNDLED WITH
   1.11.2
